GEM
  remote: http://rubygems.org/
  specs:
    rack (1.3.2)
    rack-rewrite (1.2.1)
    rack-ssl (1.3.2)
      rack

PLATFORMS
  ruby

DEPENDENCIES
  rack
  rack-rewrite
  rack-ssl
